GEM
  remote: https://rubygems.org/
  specs:
    colorize (0.8.1)
    concurrent-ruby (1.1.5)
    faker (2.4.0)
      i18n (~> 1.6.0)
    i18n (1.6.0)
      concurrent-ruby (~> 1.0)

PLATFORMS
  ruby

DEPENDENCIES
  colorize (~> 0.8.1)
  faker (~> 2.4.0)

RUBY VERSION
   ruby 2.5.1p57

BUNDLED WITH
   2.0.2
